GEM
  remote: https://rubygems.org/
  specs:
    addressable (2.6.0)
      public_suffix (>= 2.0.2, < 4.0)
    async-rack (0.5.1)
      rack (~> 1.1)
    einhorn (0.7.4)
    em-synchrony (1.0.6)
      eventmachine (>= 1.0.0.beta.1)
    em-websocket (0.3.8)
      addressable (>= 2.1.1)
      eventmachine (>= 0.12.9)
    eventmachine (1.2.7)
    goliath (1.0.6)
      async-rack
      einhorn
      em-synchrony (>= 1.0.0)
      em-websocket (= 0.3.8)
      eventmachine (>= 1.0.0.beta.4)
      http_parser.rb (>= 0.6.0)
      log4r
      multi_json
      rack (>= 1.2.2)
      rack-contrib
      rack-respond_to
    http_parser.rb (0.6.0)
    log4r (1.1.10)
    multi_json (1.13.1)
    public_suffix (3.1.1)
    rack (1.6.11)
    rack-accept-media-types (0.9)
    rack-contrib (1.8.0)
      rack (~> 1.4)
    rack-respond_to (0.9.8)
      rack-accept-media-types (>= 0.6)

PLATFORMS
  ruby

DEPENDENCIES
  goliath
  rack (~> 1.6, >= 1.6.4)

BUNDLED WITH
   2.0.2
